GEM
  remote: http://rubygems.org/
  specs:
    colorize (0.8.1)
    minitest (5.11.1)
    rake (12.3.0)

PLATFORMS
  ruby

DEPENDENCIES
  colorize (~> 0.8.1)
  minitest
  rake

BUNDLED WITH
   1.16.1
