GEM
  remote: http://rubygems.org/
  specs:
    colorize (0.8.1)

PLATFORMS
  ruby

DEPENDENCIES
  colorize (~> 0.8.1)

BUNDLED WITH
   1.16.1
